GEM
  remote: http://rubygems.org/
  specs:
    chunky_png (1.2.6)
    compass (0.12.2)
      chunky_png (~> 1.2)
      fssm (>= 0.2.7)
      sass (~> 3.1)
    fssm (0.2.9)
    haml (3.1.7)
    rake (0.9.2.2)
    rake-pipeline (0.5.0)
      rake (~> 0.9.0)
    rake-pipeline-web-filters (0.5.0)
      rake-pipeline
    sass (3.2.1)

PLATFORMS
  ruby

DEPENDENCIES
  compass
  haml
  rake-pipeline-web-filters
