GIT
  remote: git://github.com/livingsocial/rake-pipeline.git
  revision: 3465e0e3e134bf52ddf5d138e8c8262412080095
  specs:
    rake-pipeline (0.6.0)
      rake (~> 0.9.0)
      thor

GIT
  remote: git://github.com/wycats/rake-pipeline-web-filters.git
  revision: 51915f60889fbf54fc2e81b86b594bf4c7be4ea5
  specs:
    rake-pipeline-web-filters (0.6.0)
      rack
      rake-pipeline (~> 0.6)

GEM
  remote: http://rubygems.org/
  specs:
    chunky_png (1.2.6)
    compass (0.12.2)
      chunky_png (~> 1.2)
      fssm (>= 0.2.7)
      sass (~> 3.1)
    fssm (0.2.9)
    haml (3.1.7)
    json (1.7.4)
    rack (1.4.1)
    rake (0.9.2.2)
    sass (3.2.1)
    thor (0.16.0)
    tilt (1.3.3)

PLATFORMS
  ruby

DEPENDENCIES
  compass
  haml
  json
  rake-pipeline!
  rake-pipeline-web-filters!
  tilt
